PATH
  remote: .
  specs:
    ruby-clean-css (0.0.3)
      commonjs
      therubyracer

GEM
  remote: https://rubygems.org/
  specs:
    addressable (2.3.6)
    commonjs (0.2.7)
    crack (0.4.2)
      safe_yaml (~> 1.0.0)
    libv8 (3.16.14.3)
    rake (10.3.2)
    ref (1.0.5)
    safe_yaml (1.0.3)
    therubyracer (0.12.1)
      libv8 (~> 3.16.14.0)
      ref
    webmock (1.18.0)
      addressable (>= 2.3.6)
      crack (>= 0.3.2)

PLATFORMS
  ruby

DEPENDENCIES
  rake
  ruby-clean-css!
  webmock
